PATH
  remote: .
  specs:
    ruby-fann (1.4.3)

GEM
  remote: https://rubygems.org/
  specs:
    json (2.6.1)
    rdoc (6.3.3)

PLATFORMS
  arm64-darwin-22
  ruby
  x86_64-darwin-19

DEPENDENCIES
  json (~> 2)
  rdoc (~> 6)
  ruby-fann!

RUBY VERSION
   ruby 3.2.2p53

BUNDLED WITH
   2.4.18
