PATH
  remote: .
  specs:
    ruby-fann (1.2.7)

GEM
  remote: https://rubygems.org/
  specs:
    json (2.3.1)
    rdoc (6.0.4)

PLATFORMS
  ruby

DEPENDENCIES
  json
  rdoc
  ruby-fann!

BUNDLED WITH
   1.16.3
