PATH
  remote: .
  specs:
    ruby-fann (1.3.0)

GEM
  remote: https://rubygems.org/
  specs:
    json (2.5.1)
    rdoc (6.3.3)

PLATFORMS
  ruby

DEPENDENCIES
  json
  rdoc
  ruby-fann!

BUNDLED WITH
   2.2.9
